GEM
  remote: https://rubygems.org/
  specs:
    aws-eventstream (1.1.1)
    aws-sdk (2.11.632)
      aws-sdk-resources (= 2.11.632)
    aws-sdk-core (2.11.632)
      aws-sigv4 (~> 1.0)
      jmespath (~> 1.0)
    aws-sdk-resources (2.11.632)
      aws-sdk-core (= 2.11.632)
    aws-sigv4 (1.2.3)
      aws-eventstream (~> 1, >= 1.0.2)
    deb-s3 (0.9.1)
      aws-sdk (~> 2)
      thor (~> 0.19.0)
    jmespath (1.4.0)
    thor (0.19.4)

PLATFORMS
  ruby

DEPENDENCIES
  deb-s3 (= 0.9.1)

BUNDLED WITH
   1.17.3
