GEM
  remote: https://rubygems.org/
  specs:
    addressable (2.5.2)
      public_suffix (>= 2.0.2, < 4.0)
    aws-eventstream (1.2.0)
    aws-partitions (1.602.0)
    aws-sdk-core (3.131.2)
      aws-eventstream (~> 1, >= 1.0.2)
      aws-partitions (~> 1, >= 1.525.0)
      aws-sigv4 (~> 1.1)
      jmespath (~> 1, >= 1.6.1)
    aws-sdk-ec2 (1.320.0)
      aws-sdk-core (~> 3, >= 3.127.0)
      aws-sigv4 (~> 1.1)
    aws-sigv4 (1.5.0)
      aws-eventstream (~> 1, >= 1.0.2)
    azure_mgmt_network (0.26.1)
      ms_rest_azure (~> 0.12.0)
    azure_mgmt_resources (0.18.2)
      ms_rest_azure (~> 0.12.0)
    backports (3.21.0)
    bcrypt_pbkdf (1.1.0)
    berkshelf (7.0.10)
      chef (>= 13.6.52)
      chef-config
      cleanroom (~> 1.0)
      concurrent-ruby (~> 1.0)
      minitar (>= 0.6)
      mixlib-archive (>= 0.4, < 2.0)
      mixlib-config (>= 2.2.5)
      mixlib-shellout (>= 2.0, < 4.0)
      octokit (~> 4.0)
      retryable (>= 2.0, < 4.0)
      solve (~> 4.0)
      thor (>= 0.20)
    builder (3.2.4)
    chef (15.3.14)
      addressable
      bcrypt_pbkdf (~> 1.0)
      bundler (>= 1.10)
      chef-config (= 15.3.14)
      chef-zero (>= 14.0.11)
      diff-lcs (~> 1.2, >= 1.2.4)
      ed25519 (~> 1.2)
      erubis (~> 2.7)
      ffi (~> 1.9, >= 1.9.25)
      ffi-libarchive
      ffi-yajl (~> 2.2)
      highline (>= 1.6.9, < 2)
      iniparse (~> 1.4)
      license-acceptance (~> 1.0, >= 1.0.5)
      mixlib-archive (>= 0.4, < 2.0)
      mixlib-authentication (~> 2.1)
      mixlib-cli (>= 2.1.1, < 3.0)
      mixlib-log (>= 2.0.3, < 4.0)
      mixlib-shellout (>= 3.0.3, < 4.0)
      net-sftp (~> 2.1, >= 2.1.2)
      net-ssh (>= 4.2, < 6)
      net-ssh-multi (~> 1.2, >= 1.2.1)
      ohai (~> 15.0)
      plist (~> 3.2)
      proxifier (~> 1.0)
      syslog-logger (~> 1.6)
      train-core (~> 3.0)
      train-winrm
      tty-screen (~> 0.6)
      uuidtools (~> 2.1.5)
    chef-config (15.3.14)
      addressable
      fuzzyurl
      mixlib-config (>= 2.2.12, < 4.0)
      mixlib-shellout (>= 2.0, < 4.0)
      tomlrb (~> 1.2)
    chef-dk (4.3.13)
      addressable (>= 2.3.5, < 2.6)
      chef (~> 15.0)
      cookbook-omnifetch (~> 0.5)
      diff-lcs (~> 1.0)
      ffi-yajl (>= 1.0, < 3.0)
      license-acceptance (~> 1.0, >= 1.0.11)
      minitar (~> 0.6)
      mixlib-cli (>= 1.7, < 3.0)
      mixlib-shellout (>= 2.0, < 4.0)
      paint (~> 1.0)
      solve (> 2.0, < 5.0)
    chef-utils (16.6.14)
    chef-zero (14.0.17)
      ffi-yajl (~> 2.2)
      hashie (>= 2.0, < 4.0)
      mixlib-log (>= 2.0, < 4.0)
      rack (~> 2.0, >= 2.0.6)
      uuidtools (~> 2.1)
    cleanroom (1.0.0)
    coderay (1.1.3)
    concurrent-ruby (1.1.9)
    cookbook-omnifetch (0.11.1)
      mixlib-archive (>= 0.4, < 2.0)
    cucumber-core (3.2.1)
      backports (>= 3.8.0)
      cucumber-tag_expressions (~> 1.1.0)
      gherkin (~> 5.0)
    cucumber-tag_expressions (1.1.1)
    diff-lcs (1.4.4)
    domain_name (0.5.20190701)
      unf (>= 0.0.5, < 1.0.0)
    ed25519 (1.2.4)
    erubi (1.10.0)
    erubis (2.7.0)
    faraday (1.4.2)
      faraday-em_http (~> 1.0)
      faraday-em_synchrony (~> 1.0)
      faraday-excon (~> 1.1)
      faraday-net_http (~> 1.0)
      faraday-net_http_persistent (~> 1.1)
      multipart-post (>= 1.2, < 3)
      ruby2_keywords (>= 0.0.4)
    faraday-cookie_jar (0.0.7)
      faraday (>= 0.8.0)
      http-cookie (~> 1.0.0)
    faraday-em_http (1.0.0)
    faraday-em_synchrony (1.0.0)
    faraday-excon (1.1.0)
    faraday-net_http (1.0.1)
    faraday-net_http_persistent (1.1.0)
    ffi (1.15.3)
    ffi-libarchive (1.0.17)
      ffi (~> 1.0)
    ffi-yajl (2.4.0)
      libyajl2 (>= 1.2)
    foodcritic (15.1.0)
      cucumber-core (>= 1.3, < 4.0)
      erubis
      ffi-yajl (~> 2.0)
      nokogiri (>= 1.5, < 2.0)
      rake
      rufus-lru (~> 1.0)
      treetop (~> 1.4)
    formatador (0.3.0)
    fuzzyurl (0.9.0)
    gherkin (5.1.0)
    gssapi (1.3.1)
      ffi (>= 1.0.1)
    guard (2.15.1)
      formatador (>= 0.2.4)
      listen (>= 2.7, < 4.0)
      lumberjack (>= 1.0.12, < 2.0)
      nenv (~> 0.1)
      notiffany (~> 0.0)
      pry (>= 0.9.12)
      shellany (~> 0.0)
      thor (>= 0.18.1)
    guard-compat (1.2.1)
    guard-foodcritic (3.0.0)
      foodcritic (>= 8)
      guard (~> 2.12)
      guard-compat (~> 1.2)
    guard-rspec (4.7.3)
      guard (~> 2.1)
      guard-compat (~> 1.1)
      rspec (>= 2.99.0, < 4.0)
    gyoku (1.3.1)
      builder (>= 2.1.2)
    hashie (3.6.0)
    highline (1.7.10)
    http-cookie (1.0.5)
      domain_name (~> 0.5)
    httpclient (2.8.3)
    inifile (3.0.0)
    iniparse (1.5.0)
    ipaddress (0.8.3)
    jmespath (1.6.1)
    json (2.5.1)
    kitchen-azurerm (1.10.5)
      azure_mgmt_network (~> 0.18, >= 0.18.2)
      azure_mgmt_resources (~> 0.17, >= 0.17.2)
      inifile (~> 3.0, >= 3.0.0)
      sshkey (>= 1.0.0, < 3)
      test-kitchen (>= 1.20, < 4.0)
    kitchen-ec2 (3.13.0)
      aws-sdk-ec2 (~> 1.0)
      retryable (>= 2.0, < 4.0)
      test-kitchen (>= 1.4.1, < 4)
    libyajl2 (2.1.0)
    license-acceptance (1.0.19)
      pastel (~> 0.7)
      tomlrb (~> 1.2)
      tty-box (~> 0.3)
      tty-prompt (~> 0.18)
    listen (3.5.1)
      rb-fsevent (~> 0.10, >= 0.10.3)
      rb-inotify (~> 0.9, >= 0.9.10)
    little-plugger (1.1.4)
    log_switch (0.3.0)
    logging (2.3.0)
      little-plugger (~> 1.1)
      multi_json (~> 1.14)
    lumberjack (1.2.8)
    method_source (1.0.0)
    mini_portile2 (2.5.3)
    minitar (0.9)
    mixlib-archive (1.1.7)
      mixlib-log
    mixlib-authentication (2.1.1)
    mixlib-cli (2.1.8)
    mixlib-config (3.0.9)
      tomlrb
    mixlib-install (3.12.19)
      mixlib-shellout
      mixlib-versioning
      thor
    mixlib-log (3.0.9)
    mixlib-shellout (3.2.5)
      chef-utils
    mixlib-versioning (1.2.12)
    molinillo (0.7.0)
    ms_rest (0.7.6)
      concurrent-ruby (~> 1.0)
      faraday (>= 0.9, < 2.0.0)
      timeliness (~> 0.3.10)
    ms_rest_azure (0.12.0)
      concurrent-ruby (~> 1.0)
      faraday (>= 0.9, < 2.0.0)
      faraday-cookie_jar (~> 0.0.6)
      ms_rest (~> 0.7.6)
    multi_json (1.15.0)
    multipart-post (2.1.1)
    nenv (0.3.0)
    net-scp (2.0.0)
      net-ssh (>= 2.6.5, < 6.0.0)
    net-sftp (2.1.2)
      net-ssh (>= 2.6.5)
    net-ssh (5.2.0)
    net-ssh-gateway (2.0.0)
      net-ssh (>= 4.0.0)
    net-ssh-multi (1.2.1)
      net-ssh (>= 2.6.5)
      net-ssh-gateway (>= 1.2.0)
    nokogiri (1.11.7)
      mini_portile2 (~> 2.5.0)
      racc (~> 1.4)
    nori (2.6.0)
    notiffany (0.1.3)
      nenv (~> 0.1)
      shellany (~> 0.0)
    octokit (4.21.0)
      faraday (>= 0.9)
      sawyer (~> 0.8.0, >= 0.5.3)
    ohai (15.12.0)
      chef-config (>= 12.8, < 16)
      ffi (~> 1.9)
      ffi-yajl (~> 2.2)
      ipaddress
      mixlib-cli (>= 1.7.0)
      mixlib-config (>= 2.0, < 4.0)
      mixlib-log (>= 2.0.1, < 4.0)
      mixlib-shellout (>= 2.0, < 4.0)
      plist (~> 3.1)
      systemu (~> 2.6.4)
      wmi-lite (~> 1.0)
    paint (1.0.1)
    pastel (0.8.0)
      tty-color (~> 0.5)
    plist (3.6.0)
    polyglot (0.3.5)
    proxifier (1.0.3)
    pry (0.14.1)
      coderay (~> 1.1)
      method_source (~> 1.0)
    public_suffix (3.1.1)
    racc (1.5.2)
    rack (2.2.3)
    rake (12.3.3)
    rb-fsevent (0.11.0)
    rb-inotify (0.10.1)
      ffi (~> 1.0)
    retryable (3.0.5)
    rspec (3.10.0)
      rspec-core (~> 3.10.0)
      rspec-expectations (~> 3.10.0)
      rspec-mocks (~> 3.10.0)
    rspec-core (3.10.1)
      rspec-support (~> 3.10.0)
    rspec-expectations (3.10.1)
      diff-lcs (>= 1.2.0, < 2.0)
      rspec-support (~> 3.10.0)
    rspec-mocks (3.10.2)
      diff-lcs (>= 1.2.0, < 2.0)
      rspec-support (~> 3.10.0)
    rspec-support (3.10.2)
    ruby2_keywords (0.0.4)
    rubyntlm (0.6.3)
    rubyzip (2.3.0)
    rufus-lru (1.1.0)
    sawyer (0.8.2)
      addressable (>= 2.3.5)
      faraday (> 0.8, < 2.0)
    semverse (3.0.0)
    shellany (0.0.1)
    solve (4.0.4)
      molinillo (~> 0.6)
      semverse (>= 1.1, < 4.0)
    sshkey (2.0.0)
    strings (0.2.1)
      strings-ansi (~> 0.2)
      unicode-display_width (>= 1.5, < 3.0)
      unicode_utils (~> 1.4)
    strings-ansi (0.2.0)
    sync (0.5.0)
    syslog-logger (1.6.8)
    systemu (2.6.5)
    tailor (1.4.1)
      log_switch (~> 0.3.0)
      nokogiri (>= 1.6.0)
      term-ansicolor (>= 1.0.5)
      text-table (>= 1.2.2)
    term-ansicolor (1.7.1)
      tins (~> 1.0)
    test-kitchen (3.3.1)
      bcrypt_pbkdf (~> 1.0)
      chef-utils (>= 16.4.35)
      ed25519 (~> 1.2)
      license-acceptance (>= 1.0.11, < 3.0)
      mixlib-install (~> 3.6)
      mixlib-shellout (>= 1.2, < 4.0)
      net-scp (>= 1.1, < 4.0)
      net-ssh (>= 2.9, < 7.0)
      net-ssh-gateway (>= 1.2, < 3.0)
      thor (>= 0.19, < 2.0)
      winrm (~> 2.0)
      winrm-elevated (~> 1.0)
      winrm-fs (~> 1.1)
    text-table (1.2.4)
    thor (0.20.3)
    timeliness (0.3.10)
    tins (1.29.1)
      sync
    tomlrb (1.3.0)
    train-core (3.7.2)
      addressable (~> 2.5)
      ffi (!= 1.13.0)
      json (>= 1.8, < 3.0)
      mixlib-shellout (>= 2.0, < 4.0)
      net-scp (>= 1.2, < 4.0)
      net-ssh (>= 2.9, < 7.0)
    train-winrm (0.2.12)
      winrm (>= 2.3.6, < 3.0)
      winrm-elevated (~> 1.2.2)
      winrm-fs (~> 1.0)
    treetop (1.6.11)
      polyglot (~> 0.3)
    tty-box (0.7.0)
      pastel (~> 0.8)
      strings (~> 0.2.0)
      tty-cursor (~> 0.7)
    tty-color (0.6.0)
    tty-cursor (0.7.1)
    tty-prompt (0.23.1)
      pastel (~> 0.8)
      tty-reader (~> 0.8)
    tty-reader (0.9.0)
      tty-cursor (~> 0.7)
      tty-screen (~> 0.8)
      wisper (~> 2.0)
    tty-screen (0.8.1)
    unf (0.1.4)
      unf_ext
    unf_ext (0.0.8.2)
    unicode-display_width (2.0.0)
    unicode_utils (1.4.0)
    uuidtools (2.1.5)
    winrm (2.3.6)
      builder (>= 2.1.2)
      erubi (~> 1.8)
      gssapi (~> 1.2)
      gyoku (~> 1.0)
      httpclient (~> 2.2, >= 2.2.0.2)
      logging (>= 1.6.1, < 3.0)
      nori (~> 2.0)
      rubyntlm (~> 0.6.0, >= 0.6.3)
    winrm-elevated (1.2.3)
      erubi (~> 1.8)
      winrm (~> 2.0)
      winrm-fs (~> 1.0)
    winrm-fs (1.3.5)
      erubi (~> 1.8)
      logging (>= 1.6.1, < 3.0)
      rubyzip (~> 2.0)
      winrm (~> 2.0)
    wisper (2.0.1)
    wmi-lite (1.0.5)

PLATFORMS
  ruby

DEPENDENCIES
  berkshelf (~> 7.0.8)
  chef (~> 15.3.4)
  chef-dk (~> 4.3.13)
  foodcritic (~> 15.1.0)
  guard (~> 2.15.0)
  guard-foodcritic (~> 3.0.0)
  guard-rspec (~> 4.7.3)
  kitchen-azurerm (~> 1.10.5)
  kitchen-ec2 (~> 3.13.0)
  rake (~> 12.3.2)
  tailor (~> 1.4.1)
  test-kitchen (~> 3.3.1)

BUNDLED WITH
   1.16.2
